PATH
  remote: .
  specs:
    terminitor (0.0.5)
      rb-appscript
      thor (~> 0.14.0)

GEM
  remote: http://rubygems.org/
  specs:
    fakefs (0.2.1)
    rb-appscript (0.5.3)
    riot (0.11.4)
      rr
      term-ansicolor
    rr (1.0.0)
    term-ansicolor (1.0.5)
    thor (0.14.1)

PLATFORMS
  ruby

DEPENDENCIES
  bundler (~> 1.0.0)
  fakefs
  rb-appscript
  riot (~> 0.11.0)
  rr
  terminitor!
  thor (~> 0.14.0)
